PATH
  remote: ../manabu
  specs:
    manabu (0.0.2)
      faraday (~> 0.13.1, ~> 0.13)
      faraday_middleware (~> 0.12.2, ~> 0.12)
      msgpack (~> 1.1.0, ~> 1.1)
      typhoeus (~> 1.3.0, ~> 1.3)

PATH
  remote: .
  specs:
    manabu-desktop (0.0.1)
      gtk3
      i18n
      manabu

GEM
  remote: http://rubygems.org/
  specs:
    ast (2.3.0)
    atk (3.2.1)
      glib2 (= 3.2.1)
    cairo (1.15.10)
      native-package-installer (>= 1.0.3)
      pkg-config (>= 1.2.2)
    cairo-gobject (3.2.1)
      cairo
      glib2 (= 3.2.1)
    coderay (1.1.2)
    concurrent-ruby (1.0.5)
    diff-lcs (1.3)
    ethon (0.11.0)
      ffi (>= 1.3.0)
    faraday (0.13.1)
      multipart-post (>= 1.2, < 3)
    faraday_middleware (0.12.2)
      faraday (>= 0.7.4, < 1.0)
    ffi (1.9.18)
    formatador (0.2.5)
    gdk3 (3.2.1)
      cairo-gobject (= 3.2.1)
      gdk_pixbuf2 (= 3.2.1)
      gobject-introspection (= 3.2.1)
      pango (= 3.2.1)
    gdk_pixbuf2 (3.2.1)
      gio2 (= 3.2.1)
    gio2 (3.2.1)
      glib2 (= 3.2.1)
      gobject-introspection (= 3.2.1)
    glib2 (3.2.1)
      native-package-installer (>= 1.0.3)
      pkg-config (>= 1.2.2)
    gobject-introspection (3.2.1)
      glib2 (= 3.2.1)
    gtk3 (3.2.1)
      atk (= 3.2.1)
      gdk3 (= 3.2.1)
      gdk_pixbuf2 (= 3.2.1)
      gio2 (= 3.2.1)
      glib2 (= 3.2.1)
      gobject-introspection (= 3.2.1)
      pango (= 3.2.1)
    guard (2.14.1)
      formatador (>= 0.2.4)
      listen (>= 2.7, < 4.0)
      lumberjack (~> 1.0)
      nenv (~> 0.1)
      notiffany (~> 0.0)
      pry (>= 0.9.12)
      shellany (~> 0.0)
      thor (>= 0.18.1)
    guard-compat (1.2.1)
    guard-rspec (4.7.3)
      guard (~> 2.1)
      guard-compat (~> 1.1)
      rspec (>= 2.99.0, < 4.0)
    guard-rubocop (1.3.0)
      guard (~> 2.0)
      rubocop (~> 0.20)
    i18n (0.9.1)
      concurrent-ruby (~> 1.0)
    listen (3.1.5)
      rb-fsevent (~> 0.9, >= 0.9.4)
      rb-inotify (~> 0.9, >= 0.9.7)
      ruby_dep (~> 1.2)
    lumberjack (1.0.12)
    method_source (0.9.0)
    msgpack (1.1.0)
    multipart-post (2.0.0)
    native-package-installer (1.0.5)
    nenv (0.3.0)
    notiffany (0.1.1)
      nenv (~> 0.1)
      shellany (~> 0.0)
    pango (3.2.1)
      cairo (>= 1.14.0)
      cairo-gobject (= 3.2.1)
      gobject-introspection (= 3.2.1)
    parallel (1.12.0)
    parser (2.4.0.2)
      ast (~> 2.3)
    pkg-config (1.2.8)
    powerpack (0.1.1)
    pry (0.11.3)
      coderay (~> 1.1.0)
      method_source (~> 0.9.0)
    rainbow (2.2.2)
      rake
    rake (12.3.0)
    rb-fsevent (0.10.2)
    rb-inotify (0.9.10)
      ffi (>= 0.5.0, < 2)
    rspec (3.7.0)
      rspec-core (~> 3.7.0)
      rspec-expectations (~> 3.7.0)
      rspec-mocks (~> 3.7.0)
    rspec-core (3.7.0)
      rspec-support (~> 3.7.0)
    rspec-expectations (3.7.0)
      diff-lcs (>= 1.2.0, < 2.0)
      rspec-support (~> 3.7.0)
    rspec-mocks (3.7.0)
      diff-lcs (>= 1.2.0, < 2.0)
      rspec-support (~> 3.7.0)
    rspec-support (3.7.0)
    rubocop (0.51.0)
      parallel (~> 1.10)
      parser (>= 2.3.3.1, < 3.0)
      powerpack (~> 0.1)
      rainbow (>= 2.2.2, < 3.0)
      ruby-progressbar (~> 1.7)
      unicode-display_width (~> 1.0, >= 1.0.1)
    ruby-progressbar (1.9.0)
    ruby_dep (1.5.0)
    shellany (0.0.1)
    thor (0.20.0)
    typhoeus (1.3.0)
      ethon (>= 0.9.0)
    unicode-display_width (1.3.0)

PLATFORMS
  ruby

DEPENDENCIES
  guard
  guard-rspec
  guard-rubocop
  manabu!
  manabu-desktop!
  rb-fsevent
  rb-inotify
  rspec
  rubocop

BUNDLED WITH
   1.16.0
